PATH
  remote: .
  specs:
    minitest-macos-notification (0.0.3)
      minitest (~> 5.0)
      minitest-reporters (~> 1.3.1)
      os (~> 1.0)
      terminal-notifier (~> 2.0)

GEM
  remote: https://rubygems.org/
  specs:
    ansi (1.5.0)
    builder (3.2.3)
    minitest (5.11.3)
    minitest-fail-fast (0.1.0)
      minitest (~> 5)
    minitest-reporters (1.3.2)
      ansi
      builder
      minitest (>= 5.0)
      ruby-progressbar
    os (1.0.0)
    rake (10.5.0)
    ruby-progressbar (1.10.0)
    terminal-notifier (2.0.0)

PLATFORMS
  ruby

DEPENDENCIES
  bundler (~> 1.16)
  minitest-fail-fast (~> 0.1)
  minitest-macos-notification!
  rake (~> 10.0)

BUNDLED WITH
   1.16.4
