PATH
  remote: .
  specs:
    minitest-macos-notification (0.0.7)
      minitest (~> 5.0)
      minitest-reporters (~> 1.4)
      os (~> 1.0)
      terminal-notifier (~> 2.0)

GEM
  remote: https://rubygems.org/
  specs:
    ansi (1.5.0)
    builder (3.2.3)
    minitest (5.12.2)
    minitest-fail-fast (0.1.0)
      minitest (~> 5)
    minitest-reporters (1.4.0)
      ansi
      builder
      minitest (>= 5.0)
      ruby-progressbar
    os (1.0.1)
    rake (13.0.0)
    ruby-progressbar (1.10.1)
    terminal-notifier (2.0.0)

PLATFORMS
  ruby

DEPENDENCIES
  bundler (~> 2.0)
  minitest-fail-fast (~> 0.1)
  minitest-macos-notification!
  rake (~> 13.0)

BUNDLED WITH
   2.0.2
